PATH
  remote: .
  specs:
    lazier_enumerator (0.0.1)

GEM
  remote: https://rubygems.org/
  specs:
    minitest (5.8.4)
    rake (11.1.2)

PLATFORMS
  ruby

DEPENDENCIES
  lazier_enumerator!
  minitest
  rake

BUNDLED WITH
   1.11.2
